GEM
  remote: https://rubygems.org/
  specs:
    arr-pm (0.0.10)
      cabin (> 0)
    backports (3.17.1)
    cabin (0.9.0)
    childprocess (0.9.0)
      ffi (~> 1.0, >= 1.0.11)
    clamp (1.0.1)
    dotenv (2.7.5)
    faraday (0.15.4)
      multipart-post (>= 1.2, < 3)
    ffi (1.9.25)
    fpm (1.11.0)
      arr-pm (~> 0.0.10)
      backports (>= 2.6.2)
      cabin (>= 0.6.0)
      childprocess (= 0.9.0)
      clamp (~> 1.0.0)
      ffi
      json (>= 1.7.7, < 2.0)
      pleaserun (~> 0.0.29)
      ruby-xz (~> 0.2.3)
      stud
    gemfury (0.11.0)
      faraday (>= 0.9.0, < 0.16.0.pre)
      highline (>= 1.6.0, < 2.1.0.pre)
      multi_json (~> 1.10)
      netrc (>= 0.10.0, < 0.12.0.pre)
      progressbar (>= 1.10.1)
      thor (>= 0.14.0, < 1.0.0.pre)
    highline (2.0.3)
    insist (1.0.0)
    io-like (0.3.1)
    json (1.8.6)
    multi_json (1.14.1)
    multipart-post (2.1.1)
    mustache (0.99.8)
    netrc (0.11.0)
    pleaserun (0.0.31)
      cabin (> 0)
      clamp
      dotenv
      insist
      mustache (= 0.99.8)
      stud
    progressbar (1.10.1)
    ruby-xz (0.2.3)
      ffi (~> 1.9)
      io-like (~> 0.3)
    stud (0.0.23)
    thor (0.20.3)

PLATFORMS
  ruby

DEPENDENCIES
  ffi (~> 1.9.24)!
  fpm (~> 1.11.0)!
  gemfury!

BUNDLED WITH
   2.1.4
